GEM
  remote: https://rubygems.org/
  specs:
    coffee-script (2.2.0)
      coffee-script-source
      execjs
    coffee-script-source (1.3.3)
    colored (1.2)
    execjs (1.4.0)
      multi_json (~> 1.0)
    grabass (0.2.0)
    multi_json (1.3.6)
    sass (3.1.19)
    thor (0.15.2)

PLATFORMS
  ruby

DEPENDENCIES
  coffee-script
  colored
  grabass
  sass
  thor
